PATH
  remote: .
  specs:
    gyazo (2.1.1)
      httmultiparty
      httparty
      json

GEM
  remote: https://rubygems.org/
  specs:
    httmultiparty (0.3.16)
      httparty (>= 0.7.3)
      mimemagic
      multipart-post
    httparty (0.13.7)
      json (~> 1.8)
      multi_xml (>= 0.5.2)
    json (1.8.3)
    mimemagic (0.3.0)
    minitest (5.6.1)
    multi_xml (0.5.5)
    multipart-post (2.0.0)
    rake (10.4.2)

PLATFORMS
  ruby

DEPENDENCIES
  bundler
  gyazo!
  minitest
  rake

BUNDLED WITH
   1.10.6
