PATH
  remote: .
  specs:
    gyazo (3.0.0)
      faraday
      json
      mime-types
      multipart-post

GEM
  remote: https://rubygems.org/
  specs:
    faraday (0.15.4)
      multipart-post (>= 1.2, < 3)
    json (2.2.0)
    mime-types (3.2.2)
      mime-types-data (~> 3.2015)
    mime-types-data (3.2019.0331)
    minitest (5.6.1)
    multipart-post (2.0.0)
    rake (10.4.2)

PLATFORMS
  ruby

DEPENDENCIES
  bundler
  gyazo!
  minitest
  rake

BUNDLED WITH
   1.17.2
