PATH
  remote: .
  specs:
    gyazo (0.4.2)
      httmultiparty
      httparty
      json
      launchy

GEM
  remote: https://rubygems.org/
  specs:
    addressable (2.3.5)
    httmultiparty (0.3.10)
      httparty (>= 0.7.3)
      multipart-post
    httparty (0.12.0)
      json (~> 1.8)
      multi_xml (>= 0.5.2)
    json (1.8.1)
    launchy (2.4.2)
      addressable (~> 2.3)
    minitest (5.2.0)
    multi_xml (0.5.5)
    multipart-post (2.0.0)
    rake (10.1.1)

PLATFORMS
  ruby

DEPENDENCIES
  bundler (~> 1.3)
  gyazo!
  minitest
  rake
