PATH
  remote: .
  specs:
    gyazo (2.0.0)
      httmultiparty
      httparty
      json

GEM
  remote: https://rubygems.org/
  specs:
    httmultiparty (0.3.16)
      httparty (>= 0.7.3)
      mimemagic
      multipart-post
    httparty (0.13.4)
      json (~> 1.8)
      multi_xml (>= 0.5.2)
    json (1.8.2)
    mimemagic (0.3.0)
    minitest (5.6.1)
    multi_xml (0.5.5)
    multipart-post (2.0.0)
    rake (10.4.2)

PLATFORMS
  ruby

DEPENDENCIES
  bundler
  gyazo!
  minitest
  rake
